GEM
  remote: http://www.rubygems.org/
  specs:
    builder (3.2.2)
    coderay (1.1.1)
    coolline (0.5.0)
      unicode_utils (~> 1.4)
    json (2.0.2)
    method_source (0.8.2)
    mini_portile2 (2.1.0)
    nokogiri (1.6.8.1)
      mini_portile2 (~> 2.1.0)
    pry (0.10.4)
      coderay (~> 1.1.0)
      method_source (~> 0.8.1)
      slop (~> 3.4)
    pry-coolline (0.2.5)
      coolline (~> 0.5)
    rb-readline (0.5.3)
    rbvmomi (1.9.4)
      builder (~> 3.2)
      json (>= 1.8)
      nokogiri (~> 1.5)
      trollop (~> 2.1)
    slop (3.6.0)
    trollop (2.1.2)
    unicode_utils (1.4.0)

PLATFORMS
  ruby

DEPENDENCIES
  pry
  pry-coolline
  rb-readline
  rbvmomi

BUNDLED WITH
   1.13.6
